ObjectType = Image
NDims = 3
BinaryData = True
BinaryDataByteOrderMSB = False
CompressedData = False
TransformMatrix = 1 0 0 0 1 0 0 0 1
Offset = -74.853499999999997 -74.853499999999997 0
CenterOfRotation = 0 0 0
ElementSpacing = 0.29296875 0.29296875 1.0019999763244414e-06
DimSize = 512 512 1
AnatomicalOrientation = ???
ElementType = MET_FLOAT
ElementDataFile = energy-scatter.raw
