ObjectType = Image
NDims = 3
BinaryData = True
BinaryDataByteOrderMSB = False
CompressedData = False
TransformMatrix = 1 0 0 0 1 0 0 0 1
Offset = -249.512 -249.023 -309.017
CenterOfRotation = 0 0 0
AnatomicalOrientation = RAI
ElementSpacing = 0.976562 0.976562 3.27002
DimSize = 512 511 190
ElementType = MET_SHORT
ElementDataFile = Pediatric_model.raw
